PATH
  remote: .
  specs:
    asciidoctor-diagram-eralchemy (0.1.0)
      asciidoctor-diagram (>= 1.5.5)

GEM
  remote: https://rubygems.org/
  specs:
    asciidoctor (1.5.6.1)
    asciidoctor-diagram (1.5.7)
      asciidoctor (~> 1.5.0)
    rake (13.0.1)

PLATFORMS
  ruby

DEPENDENCIES
  asciidoctor-diagram-eralchemy!
  bundler (~> 1.16)
  rake (~> 13.0)

BUNDLED WITH
   1.16.1
