PATH
  remote: .
  specs:
    asciidoctor-diagram-eralchemy (0.1.0)
      asciidoctor-diagram (>= 1.5.5)

GEM
  remote: https://rubygems.org/
  specs:
    asciidoctor (2.0.18)
    asciidoctor-diagram (2.2.4)
      asciidoctor (>= 1.5.7, < 3.x)
      asciidoctor-diagram-ditaamini (~> 1.0)
      asciidoctor-diagram-plantuml (~> 1.2021)
      rexml
    asciidoctor-diagram-ditaamini (1.0.3)
    asciidoctor-diagram-plantuml (1.2022.14)
    rake (13.0.1)
    rexml (3.2.5)

PLATFORMS
  ruby

DEPENDENCIES
  asciidoctor-diagram-eralchemy!
  bundler (~> 1.16)
  rake (~> 13.0)

BUNDLED WITH
   1.16.1
